STORAGE: NONE
RESTRICTION: == netstandard2.0
NUGET
  remote: https://www.nuget.org/api/v2
    dotnet-fable (1.3.8) - clitool: true
    Fable.Core (1.3.8)
      FSharp.Core (>= 4.2.3)
      NETStandard.Library (>= 1.6.1)
    Fable.Elmish (2.0.0-beta-1)
      Fable.Core (>= 1.3.8)
      Fable.PowerPack (>= 1.3.4)
      FSharp.Core (>= 4.3.2)
    Fable.Elmish.React (2.0.0-beta-1)
      Fable.Core (>= 1.3.8)
      Fable.Elmish (>= 2.0.0-beta-1)
      Fable.PowerPack (>= 1.3.4)
      Fable.React (>= 2.1)
      FSharp.Core (>= 4.3.3)
    Fable.Import.Browser (1.1.1)
      Fable.Core (>= 1.3.7)
      FSharp.Core (>= 4.2.3)
    Fable.PowerPack (1.3.4)
      Fable.Core (>= 1.3.8)
      Fable.Import.Browser (>= 1.0)
      FSharp.Core (>= 4.2.3)
    Fable.React (2.1)
      Fable.Core (>= 1.3.7)
      Fable.Import.Browser (>= 0.1)
      FSharp.Core (>= 4.2.3)
    FSharp.Core (4.3.3) - content: none, redirects: force
    Microsoft.NETCore.Platforms (2.0.1)
    NETStandard.Library (2.0.1)
      Microsoft.NETCore.Platforms (>= 1.1)

GROUP Build
RESTRICTION: == net46
NUGET
  remote: https://www.nuget.org/api/v2
    FAKE (4.64.4)
    FSharp.Core (4.1.17) - content: none, redirects: force
      System.ValueTuple (>= 4.3)
    System.ValueTuple (4.3.1) - content: none, redirects: force
